GEM
  remote: https://rubygems.org/
  specs:
    intercom (3.5.17)
      json (>= 1.8)
    json (2.1.0)

PLATFORMS
  ruby

DEPENDENCIES
  intercom (~> 3.5.9)

BUNDLED WITH
   1.14.6
